NUGET
  remote: https://www.nuget.org/api/v2
  specs:
    Fantomas (2.1)
      FSharp.Compiler.Service (>= 2.0.0.8)
    FSharp.Compiler.Service (3.0)
